GEM
  remote: https://rubygems.org/
  specs:
    concurrent-ruby (1.1.9)
    faker (2.20.0)
      i18n (>= 1.8.11, < 2)
    i18n (1.10.0)
      concurrent-ruby (~> 1.0)
    minitest (5.11.3)
    ruby2d (0.9.2)

PLATFORMS
  ruby
  x64-mingw32

DEPENDENCIES
  faker
  minitest (~> 5)
  ruby2d (~> 0.9.2)

BUNDLED WITH
   2.3.4
